GEM
  remote: https://rubygems.org/
  specs:
    base64 (0.2.0)
    byebug (11.1.3)
    faraday (2.8.1)
      base64
      faraday-net_http (>= 2.0, < 3.1)
      ruby2_keywords (>= 0.0.4)
    faraday-net_http (3.0.2)
    rocketchat (0.2.4)
    ruby2_keywords (0.0.5)
    yaml (0.1.0)

PLATFORMS
  arm64-darwin-22

DEPENDENCIES
  byebug
  faraday
  rocketchat
  yaml

BUNDLED WITH
   2.4.22
